GEM
  remote: http://rubygems.org/
  specs:
    addressable (2.4.0)
    cookiejar (0.3.0)
    daemons (1.2.3)
    diff-lcs (1.2.5)
    em-hiredis (0.3.1)
      eventmachine (~> 1.0)
      hiredis (~> 0.6.0)
    em-http-request (1.1.3)
      addressable (>= 2.3.4)
      cookiejar (<= 0.3.0)
      em-socksify (>= 0.3)
      eventmachine (>= 1.0.3)
      http_parser.rb (>= 0.6.0)
    em-socksify (0.3.1)
      eventmachine (>= 1.0.0.beta.4)
    eventmachine (1.2.0.1)
    faye (1.0.3)
      cookiejar (>= 0.3.0)
      em-http-request (>= 0.3.0)
      eventmachine (>= 0.12.0)
      faye-websocket (>= 0.7.0)
      multi_json (>= 1.0.0)
      rack (>= 1.0.0)
      websocket-driver (>= 0.3.0)
    faye-websocket (0.10.3)
      eventmachine (>= 0.12.0)
      websocket-driver (>= 0.5.1)
    foreman (0.78.0)
      thor (~> 0.19.1)
    hiredis (0.6.1)
    http_parser.rb (0.6.0)
    multi_json (1.11.2)
    rack (1.6.4)
    rack-protection (1.5.3)
      rack
    rspec (3.4.0)
      rspec-core (~> 3.4.0)
      rspec-expectations (~> 3.4.0)
      rspec-mocks (~> 3.4.0)
    rspec-core (3.4.4)
      rspec-support (~> 3.4.0)
    rspec-expectations (3.4.0)
      diff-lcs (>= 1.2.0, < 2.0)
      rspec-support (~> 3.4.0)
    rspec-mocks (3.4.1)
      diff-lcs (>= 1.2.0, < 2.0)
      rspec-support (~> 3.4.0)
    rspec-support (3.4.1)
    sinatra (1.4.7)
      rack (~> 1.5)
      rack-protection (~> 1.4)
      tilt (>= 1.3, < 3)
    thin (1.6.4)
      daemons (~> 1.0, >= 1.0.9)
      eventmachine (~> 1.0, >= 1.0.4)
      rack (~> 1.0)
    thor (0.19.1)
    tilt (2.0.2)
    websocket-driver (0.6.3)
      websocket-extensions (>= 0.1.0)
    websocket-extensions (0.1.2)

PLATFORMS
  ruby

DEPENDENCIES
  em-hiredis
  eventmachine
  faye (= 1.0.3)
  foreman
  rspec
  sinatra
  thin

BUNDLED WITH
   1.11.2
